GIT
  remote: https://github.com/sinatra/sinatra.git
  revision: 298466de07baa85a4aa01eb91145fa26c4342d55
  specs:
    sinatra (1.4.6)
      rack (~> 1.4)
      rack-protection (~> 1.4)
      tilt (>= 1.3, < 3)

GEM
  remote: https://rubygems.org/
  specs:
    bson (1.12.1)
    bson_ext (1.12.1)
      bson (~> 1.12.1)
    git_repository (0.0.11)
    httparty (0.13.3)
      json (~> 1.8)
      multi_xml (>= 0.5.2)
    jsmin (1.0.1)
    json (1.8.2)
    mongo (1.12.1)
      bson (= 1.12.1)
    multi_json (1.11.0)
    multi_xml (0.5.5)
    power_assert (0.2.3)
    puma (2.11.2)
      rack (>= 1.1, < 2.0)
    rack (1.6.1)
    rack-protection (1.5.3)
      rack
    rack-test (0.6.3)
      rack (>= 1.0)
    rake (10.4.2)
    sass (3.4.13)
    sinatra-assetpack (0.3.1)
      jsmin
      rack-test
      sinatra
      tilt (>= 1.3.0)
    test-unit (3.0.9)
      power_assert
    tilt (2.0.1)

PLATFORMS
  ruby

DEPENDENCIES
  bson_ext
  git_repository
  httparty
  json
  mongo
  multi_json
  puma
  rack-test
  rake
  sass
  sinatra!
  sinatra-assetpack
  test-unit
